GIT
  remote: https://github.com/brigade/overcommit
  revision: 336c495d23befc7139810f2d9d58e42f8494313e
  specs:
    overcommit (0.38.0)
      childprocess (~> 0.6.1)
      iniparse (~> 1.4)

GEM
  remote: https://rubygems.org/
  specs:
    ast (2.3.0)
    childprocess (0.6.3)
      ffi (~> 1.0, >= 1.0.11)
    ffi (1.9.18)
    iniparse (1.4.2)
    parser (2.4.0.0)
      ast (~> 2.2)
    powerpack (0.1.1)
    rainbow (2.2.1)
    rubocop (0.48.0)
      parser (>= 2.3.3.1, < 3.0)
      powerpack (~> 0.1)
      rainbow (>= 1.99.1, < 3.0)
      ruby-progressbar (~> 1.7)
      unicode-display_width (~> 1.0, >= 1.0.1)
    ruby-progressbar (1.8.1)
    unicode-display_width (1.1.3)

PLATFORMS
  ruby

DEPENDENCIES
  overcommit!
  rubocop (= 0.48.0)

RUBY VERSION
   ruby 2.4.1p111

BUNDLED WITH
   1.14.6
