GIT
  remote: https://github.com/brigade/overcommit
  revision: d486e96d93dd58a7f96a22a0365cc11de8164098
  specs:
    overcommit (0.38.0)
      childprocess (~> 0.6.1)
      iniparse (~> 1.4)

GEM
  remote: https://rubygems.org/
  specs:
    ast (2.3.0)
    childprocess (0.6.1)
      ffi (~> 1.0, >= 1.0.11)
    ffi (1.9.17)
    iniparse (1.4.2)
    parser (2.4.0.0)
      ast (~> 2.2)
    powerpack (0.1.1)
    rainbow (2.2.1)
    rubocop (0.47.1)
      parser (>= 2.3.3.1, < 3.0)
      powerpack (~> 0.1)
      rainbow (>= 1.99.1, < 3.0)
      ruby-progressbar (~> 1.7)
      unicode-display_width (~> 1.0, >= 1.0.1)
    ruby-progressbar (1.8.1)
    unicode-display_width (1.1.3)

PLATFORMS
  ruby

DEPENDENCIES
  overcommit!
  rubocop (= 0.47.1)

RUBY VERSION
   ruby 2.4.1p111

BUNDLED WITH
   1.14.6
