GEM
  remote: https://rubygems.org/
  specs:
    ast (2.2.0)
    childprocess (0.5.9)
      ffi (~> 1.0, >= 1.0.11)
    ffi (1.9.10)
    iniparse (1.4.2)
    overcommit (0.31.0)
      childprocess (~> 0.5.8)
      iniparse (~> 1.4)
    parser (2.3.0.3)
      ast (~> 2.2)
    powerpack (0.1.1)
    rainbow (2.1.0)
    rubocop (0.37.0)
      parser (>= 2.3.0.2, < 3.0)
      powerpack (~> 0.1)
      rainbow (>= 1.99.1, < 3.0)
      ruby-progressbar (~> 1.7)
      unicode-display_width (~> 0.3)
    ruby-progressbar (1.7.5)
    unicode-display_width (0.3.1)

PLATFORMS
  ruby

DEPENDENCIES
  overcommit (= 0.31.0)
  rubocop (= 0.37.0)

BUNDLED WITH
   1.12.3
